PATH
  remote: .
  specs:
    ghp-bootstrap (0.0.3)

GEM
  remote: http://rubygems.org/
  specs:

PLATFORMS
  ruby

DEPENDENCIES
  ghp-bootstrap!
